PATH
  remote: .
  specs:
    ftpd (2.1.0)
      memoizer (~> 1.0)

GEM
  remote: https://rubygems.org/
  specs:
    builder (3.2.4)
    cucumber (9.1.0)
      builder (~> 3.2, >= 3.2.4)
      cucumber-ci-environment (~> 9.2, >= 9.2.0)
      cucumber-core (~> 12.0)
      cucumber-cucumber-expressions (~> 17.0)
      cucumber-gherkin (>= 24, < 27)
      cucumber-html-formatter (~> 20.4, >= 20.4.0)
      cucumber-messages (>= 19, < 23)
      diff-lcs (~> 1.5, >= 1.5.0)
      mini_mime (~> 1.1, >= 1.1.5)
      multi_test (~> 1.1, >= 1.1.0)
      sys-uname (~> 1.2, >= 1.2.3)
    cucumber-ci-environment (9.2.0)
    cucumber-core (12.0.0)
      cucumber-gherkin (>= 25, < 27)
      cucumber-messages (>= 20, < 23)
      cucumber-tag-expressions (~> 5.0, >= 5.0.4)
    cucumber-cucumber-expressions (17.0.1)
    cucumber-gherkin (26.2.0)
      cucumber-messages (>= 19.1.4, < 22.1)
    cucumber-html-formatter (20.4.0)
      cucumber-messages (>= 18.0, < 22.1)
    cucumber-messages (22.0.0)
    cucumber-tag-expressions (5.0.6)
    date (3.3.4)
    diff-lcs (1.5.0)
    ffi (1.16.3)
    memoizer (1.0.3)
    mini_mime (1.1.5)
    multi_test (1.1.0)
    net-ftp (0.3.3)
      net-protocol
      time
    net-protocol (0.2.2)
      timeout
    rake (13.1.0)
    redcarpet (3.6.0)
    rspec (3.12.0)
      rspec-core (~> 3.12.0)
      rspec-expectations (~> 3.12.0)
      rspec-mocks (~> 3.12.0)
    rspec-core (3.12.2)
      rspec-support (~> 3.12.0)
    rspec-expectations (3.12.3)
      diff-lcs (>= 1.2.0, < 2.0)
      rspec-support (~> 3.12.0)
    rspec-its (1.3.0)
      rspec-core (>= 3.0.0)
      rspec-expectations (>= 3.0.0)
    rspec-mocks (3.12.6)
      diff-lcs (>= 1.2.0, < 2.0)
      rspec-support (~> 3.12.0)
    rspec-support (3.12.1)
    sys-uname (1.2.3)
      ffi (~> 1.1)
    time (0.3.0)
      date
    timecop (0.9.8)
    timeout (0.4.1)
    yard (0.9.34)

PLATFORMS
  ruby

DEPENDENCIES
  cucumber (~> 9.1)
  ftpd!
  net-ftp (~> 0.3)
  rake (~> 13.1)
  redcarpet (~> 3.6)
  rspec (~> 3.1)
  rspec-its (~> 1.0)
  timecop (~> 0.9)
  yard (~> 0.9)

BUNDLED WITH
   2.5.3
